GEM
  remote: https://rubygems.org/
  specs:
    rake (10.1.0)
    rakejava (1.3.7)
      rake (>= 0.9.2)

PLATFORMS
  ruby

DEPENDENCIES
  colorize
  rake
  rakejava
